PATH
  remote: .
  specs:
    iostruct (0.0.2)

GEM
  remote: https://rubygems.org/
  specs:
    rake (13.0.1)

PLATFORMS
  ruby

DEPENDENCIES
  bundler (~> 1.3)
  iostruct!
  rake
