PATH
  remote: .
  specs:
    iostruct (0.0.5)

GEM
  remote: https://rubygems.org/
  specs:
    rake (13.0.6)

PLATFORMS
  ruby

DEPENDENCIES
  bundler
  iostruct!
  rake

BUNDLED WITH
   2.1.4
